PATH
  remote: .
  specs:
    rack-webconsole-pry (0.1.9)
      json
      multi_json (~> 1.0, >= 1.0.3)
      pry
      rack

GEM
  remote: http://rubygems.org/
  specs:
    bluecloth (2.2.0)
    coderay (1.0.9)
    json (1.8.0)
    metaclass (0.0.1)
    method_source (0.8.1)
    minitest (2.11.4)
    mocha (0.10.5)
      metaclass (~> 0.0.1)
    multi_json (1.7.3)
    pry (0.9.12.2)
      coderay (~> 1.0.5)
      method_source (~> 0.8)
      slop (~> 3.4)
    purdytest (1.0.0)
      minitest (~> 2.2)
    rack (1.5.2)
    rake (0.9.2.2)
    slop (3.4.5)
    yard (0.7.5)

PLATFORMS
  ruby

DEPENDENCIES
  bluecloth
  minitest
  mocha
  pry
  purdytest
  rack-webconsole-pry!
  rake
  yard
